PATH
  remote: /Users/dan/work/oss/em-websocket-client
  specs:
    em-websocket-client (0.1)
      eventmachine (= 0.12.10)
      state_machine (= 1.0.2)

GEM
  remote: http://rubygems.org/
  specs:
    addressable (2.2.6)
    diff-lcs (1.1.3)
    em-http-request (0.3.0)
      addressable (>= 2.0.0)
      escape_utils
      eventmachine (>= 0.12.9)
    escape_utils (0.2.4)
    eventmachine (0.12.10)
    rspec (2.6.0)
      rspec-core (~> 2.6.0)
      rspec-expectations (~> 2.6.0)
      rspec-mocks (~> 2.6.0)
    rspec-core (2.6.4)
    rspec-expectations (2.6.0)
      diff-lcs (~> 1.1.2)
    rspec-mocks (2.6.0)
    state_machine (1.0.2)
    yajl-ruby (1.0.0)

PLATFORMS
  ruby

DEPENDENCIES
  em-http-request
  em-websocket-client!
  rspec
  yajl-ruby (= 1.0.0)
