PATH
  remote: .
  specs:
    shove (1.0.4)
      confstruct (>= 0.2.1)
      em-http-request (>= 1.0.0)
      em-ws-client (>= 0.1.2)
      yajl-ruby (>= 1.1.0)

GEM
  remote: http://rubygems.org/
  specs:
    addressable (2.2.7)
    albino (1.3.3)
      posix-spawn (>= 0.3.6)
    confstruct (0.2.2)
    cookiejar (0.3.0)
    crack (0.3.1)
    diff-lcs (1.1.3)
    em-http-request (1.0.2)
      addressable (>= 2.2.3)
      cookiejar
      em-socksify
      eventmachine (>= 1.0.0.beta.4)
      http_parser.rb (>= 0.5.3)
    em-socksify (0.2.0)
      eventmachine (>= 1.0.0.beta.4)
    em-ws-client (0.1.2)
      eventmachine (~> 1.0.0.beta.4)
      state_machine (~> 1.0.2)
    eventmachine (1.0.0.beta.4)
    http_parser.rb (0.5.3)
    net-http-spy (0.2.1)
    posix-spawn (0.3.6)
    rake (0.9.2.2)
    redcarpet (2.1.1)
    rspec (2.9.0)
      rspec-core (~> 2.9.0)
      rspec-expectations (~> 2.9.0)
      rspec-mocks (~> 2.9.0)
    rspec-core (2.9.0)
    rspec-expectations (2.9.1)
      diff-lcs (~> 1.1.3)
    rspec-mocks (2.9.0)
    state_machine (1.0.3)
    vcr (2.0.0.rc1)
    webmock (1.8.6)
      addressable (>= 2.2.7)
      crack (>= 0.1.7)
    yajl-ruby (1.1.0)

PLATFORMS
  ruby

DEPENDENCIES
  albino
  net-http-spy
  rake
  redcarpet
  rspec
  shove!
  vcr (= 2.0.0.rc1)
  webmock
