PATH
  remote: .
  specs:
    shove (1.0.0)
      em-http-request (>= 1.0.0)
      em-ws-client (>= 0.1.1)
      yajl-ruby (>= 1.1.0)

GEM
  remote: http://rubygems.org/
  specs:
    addressable (2.2.6)
    diff-lcs (1.1.3)
    em-http-request (1.0.0)
      addressable (>= 2.2.3)
      em-socksify
      eventmachine (>= 1.0.0.beta.3)
      http_parser.rb (>= 0.5.2)
    em-socksify (0.1.0)
      eventmachine
    em-ws-client (0.1.1)
      eventmachine (~> 1.0.0.beta.3)
      state_machine (~> 1.0.2)
    eventmachine (1.0.0.beta.4)
    http_parser.rb (0.5.3)
    rspec (2.7.0)
      rspec-core (~> 2.7.0)
      rspec-expectations (~> 2.7.0)
      rspec-mocks (~> 2.7.0)
    rspec-core (2.7.1)
    rspec-expectations (2.7.0)
      diff-lcs (~> 1.1.2)
    rspec-mocks (2.7.0)
    state_machine (1.0.3)
    yajl-ruby (1.1.0)

PLATFORMS
  ruby

DEPENDENCIES
  rspec
  shove!
